GEM
  remote: https://rubygems.org/
  specs:
    gosu (0.11.3.1)
    gosu (0.11.3.1-x64-mingw32)
    gosu (0.11.3.1-x86-mingw32)
    hasu (0.1.5)
      gosu

PLATFORMS
  ruby
  x64-mingw32
  x86-mingw32

DEPENDENCIES
  hasu

BUNDLED WITH
   1.14.6
